GEM
  remote: https://rubygems.org/
  specs:
    docile (1.3.5)
    minitest (5.14.3)
    simplecov (0.21.2)
      docile (~> 1.1)
      simplecov-html (~> 0.11)
      simplecov_json_formatter (~> 0.1)
    simplecov-html (0.12.3)
    simplecov_json_formatter (0.1.2)

PLATFORMS
  ruby
  x86_64-linux

DEPENDENCIES
  minitest
  simplecov

BUNDLED WITH
   2.2.0
